FRAMEWORK: >= NET40
NUGET
  remote: https://www.nuget.org/api/v2
    DotLiquid (1.8)
    FAKE (4.36)
    FSharp.Compiler.Service (6.0.1)
      System.Collections.Immutable (>= 1.2)
      System.Reflection.Metadata (>= 1.4.1-beta-24227-04)
    FSharp.Compiler.Tools (4.0.1.3)
    FSharp.Core (4.0.0.1)
    FSharp.Formatting (2.10)
      FSharp.Compiler.Service (>= 0.0.87)
      FSharpVSPowerTools.Core (1.8)
    FSharpVSPowerTools.Core (1.8)
      FSharp.Compiler.Service (>= 0.0.87)
    Newtonsoft.Json (9.0.1)
    Suave (1.1.3)
      FSharp.Core (>= 3.1.2.5)
    Suave.DotLiquid (1.1.3)
      DotLiquid (>= 1.8)
      FSharp.Core (>= 3.1.2.5)
      Suave (>= 1.1.3)
    System.Collections.Immutable (1.2)
    System.Reflection.Metadata (1.4.1-beta-24227-04)
      System.Collections.Immutable (>= 1.2) - framework: >= net45
